GEM
  remote: http://rubygems.org/
  specs:
    annoy (0.5.6)
      highline (>= 1.5.0)
    classifier (1.3.3)
      fast-stemmer (>= 1.0.0)
    diff-lcs (1.2.5)
    directory_watcher (1.4.1)
    docile (1.1.0)
    drydock (0.6.9)
    fast-stemmer (1.0.1)
    git (1.2.6)
    highline (1.6.20)
    jekyll (0.12.0)
      classifier (~> 1.3)
      directory_watcher (~> 1.1)
      kramdown (~> 0.13.4)
      liquid (~> 2.3)
      maruku (~> 0.5)
      pygments.rb (~> 0.3.2)
    kgio (2.8.1)
    kramdown (0.13.8)
    liquid (2.3.0)
    maruku (0.6.1)
      syntax (>= 1.0.0)
    net-scp (1.1.2)
      net-ssh (>= 2.6.5)
    net-ssh (2.7.0)
    posix-spawn (0.3.6)
    pygments.rb (0.3.4)
      posix-spawn (~> 0.3.6)
      yajl-ruby (~> 1.1.0)
    rack (1.5.2)
    rack-protection (1.5.1)
      rack
    raindrops (0.12.0)
    rspec (2.14.1)
      rspec-core (~> 2.14.0)
      rspec-expectations (~> 2.14.0)
      rspec-mocks (~> 2.14.0)
    rspec-core (2.14.7)
    rspec-expectations (2.14.4)
      diff-lcs (>= 1.1.3, < 2.0)
    rspec-mocks (2.14.4)
    rye (0.9.11)
      annoy
      docile (>= 1.0.1)
      highline (>= 1.5.1)
      net-scp (>= 1.0.2)
      net-ssh (>= 2.0.13)
      sysinfo (>= 0.7.3)
    shotgun (0.9)
      rack (>= 1.0)
    sinatra (1.4.4)
      rack (~> 1.4)
      rack-protection (~> 1.4)
      tilt (~> 1.3, >= 1.3.4)
    storable (0.8.9)
    syntax (1.0.0)
    sysinfo (0.8.0)
      drydock
      storable
    tilt (1.4.1)
    unicorn (4.7.0)
      kgio (~> 2.6)
      rack
      raindrops (~> 0.7)
    yajl-ruby (1.1.0)
    yajl-ruby (1.1.0-x86-mingw32)

PLATFORMS
  ruby
  x86-mingw32

DEPENDENCIES
  git
  jekyll
  rspec
  rye
  shotgun
  sinatra
  unicorn
